GIT
  remote: git://github.com/capistrano/sshkit.git
  revision: 5784b28d8778434c8f0037604e1d2e45ec97b541
  specs:
    sshkit (1.11.2)
      net-scp (>= 1.1.2)
      net-ssh (>= 2.8.0)

GIT
  remote: git://github.com/jcoyne/kaminari.git
  revision: 7f7108e12bdd64eb5a76177633768feb14df5453
  branch: sufia
  specs:
    kaminari (1.0.0.alpha)
      actionpack (>= 3.0.0)
      activesupport (>= 3.0.0)

GEM
  remote: https://rubygems.org/
  specs:
    actionmailer (4.2.7)
      actionpack (= 4.2.7)
      actionview (= 4.2.7)
      activejob (= 4.2.7)
      mail (~> 2.5, >= 2.5.4)
      rails-dom-testing (~> 1.0, >= 1.0.5)
    actionpack (4.2.7)
      actionview (= 4.2.7)
      activesupport (= 4.2.7)
      rack (~> 1.6)
      rack-test (~> 0.6.2)
      rails-dom-testing (~> 1.0, >= 1.0.5)
      rails-html-sanitizer (~> 1.0, >= 1.0.2)
    actionview (4.2.7)
      activesupport (= 4.2.7)
      builder (~> 3.1)
      erubis (~> 2.7.0)
      rails-dom-testing (~> 1.0, >= 1.0.5)
      rails-html-sanitizer (~> 1.0, >= 1.0.2)
    active-fedora (9.7.2)
      active-triples (~> 0.7.1)
      activesupport (>= 4.1.0)
      deprecation
      ldp (~> 0.4.0)
      linkeddata
      nom-xml (>= 0.5.1)
      om (~> 3.1)
      rdf-rdfxml (~> 1.1)
      rsolr (~> 1.0.10)
    active-triples (0.7.5)
      activemodel (>= 3.0.0)
      activesupport (>= 3.0.0)
      deprecation (~> 0.1)
      linkeddata (~> 1.1)
      rdf (~> 1.1)
    active_fedora-noid (1.1.1)
      active-fedora (>= 9.7, < 11)
      noid (~> 0.7)
    activejob (4.2.7)
      activesupport (= 4.2.7)
      globalid (>= 0.3.0)
    activemodel (4.2.7)
      activesupport (= 4.2.7)
      builder (~> 3.1)
    activerecord (4.2.7)
      activemodel (= 4.2.7)
      activesupport (= 4.2.7)
      arel (~> 6.0)
    activerecord-import (0.22.0)
      activerecord (>= 3.2)
    activeresource (4.1.0)
      activemodel (~> 4.0)
      activesupport (~> 4.0)
      rails-observers (~> 0.1.2)
    activesupport (4.2.7)
      i18n (~> 0.7)
      json (~> 1.7, >= 1.7.7)
      minitest (~> 5.1)
      thread_safe (~> 0.3, >= 0.3.4)
      tzinfo (~> 1.1)
    acts_as_follower (0.2.1)
    addressable (2.3.8)
    airbrussh (1.1.0)
      sshkit (>= 1.6.1, != 1.7.0)
    akami (1.3.1)
      gyoku (>= 0.4.0)
      nokogiri
    arel (6.0.4)
    autoparse (0.3.3)
      addressable (>= 2.3.1)
      extlib (>= 0.9.15)
      multi_json (>= 1.0.0)
    autoprefixer-rails (6.4.0.2)
      execjs
    bcp47 (0.3.3)
      i18n
    bcrypt (3.1.12)
    better_errors (2.1.1)
      coderay (>= 1.0.0)
      erubis (>= 2.6.6)
      rack (>= 0.9.0)
    binding_of_caller (0.7.2)
      debug_inspector (>= 0.0.1)
    blacklight (5.18.0)
      bootstrap-sass (~> 3.2)
      deprecation
      kaminari (>= 0.15)
      nokogiri (~> 1.6)
      rails (>= 3.2.6, < 5)
      rsolr (~> 1.0.11)
    blacklight-gallery (0.4.1)
      blacklight (>= 5.12, < 7)
      bootstrap-sass (~> 3.0)
      openseadragon (>= 0.2.0)
      rails
    blacklight_advanced_search (5.2.1)
      blacklight (~> 5.15)
      parslet
    blankslate (3.1.3)
    bootstrap-sass (3.3.7)
      autoprefixer-rails (>= 5.2.1)
      sass (>= 3.3.4)
    bootstrap_form (2.5.0)
    breadcrumbs_on_rails (2.3.1)
    browse-everything (0.10.4)
      bootstrap-sass
      dropbox-sdk (>= 1.6.2)
      font-awesome-rails
      google-api-client (~> 0.8.6)
      google_drive
      httparty
      rails (>= 3.1)
      ruby-box
      sass-rails
      skydrive
    browser (2.2.0)
    builder (3.2.3)
    byebug (9.0.5)
    cancancan (1.15.0)
    capistrano (3.6.0)
      airbrussh (>= 1.0.0)
      capistrano-harrow
      i18n
      rake (>= 10.0.0)
      sshkit (>= 1.9.0)
    capistrano-bundler (1.1.4)
      capistrano (~> 3.1)
      sshkit (~> 1.2)
    capistrano-harrow (0.5.3)
    capistrano-rails (1.1.7)
      capistrano (~> 3.1)
      capistrano-bundler (~> 1.1)
    capistrano-rvm (0.1.2)
      capistrano (~> 3.0)
      sshkit (~> 1.2)
    capybara (2.8.0)
      addressable
      mime-types (>= 1.16)
      nokogiri (>= 1.3.3)
      rack (>= 1.0.0)
      rack-test (>= 0.5.4)
      xpath (~> 2.0)
    carrierwave (0.11.2)
      activemodel (>= 3.2.0)
      activesupport (>= 3.2.0)
      json (>= 1.7)
      mime-types (>= 1.16)
      mimemagic (>= 0.3.0)
    childprocess (0.5.9)
      ffi (~> 1.0, >= 1.0.11)
    chronic (0.10.2)
    cliver (0.3.2)
    coderay (1.1.1)
    coffee-rails (4.2.1)
      coffee-script (>= 2.2.0)
      railties (>= 4.0.0, < 5.2.x)
    coffee-script (2.4.1)
      coffee-script-source
      execjs
    coffee-script-source (1.10.0)
    concurrent-ruby (1.0.5)
    crack (0.4.3)
      safe_yaml (~> 1.0.0)
    crass (1.0.4)
    daemons (1.2.4)
    database_cleaner (1.5.3)
    debug_inspector (0.0.2)
    deprecation (0.99.0)
      activesupport
    devise (3.5.10)
      bcrypt (~> 3.0)
      orm_adapter (~> 0.1)
      railties (>= 3.2.6, < 5)
      responders
      thread_safe (~> 0.1)
      warden (~> 1.2.3)
    devise-guests (0.5.0)
      devise
    devise_ldap_authenticatable (0.8.6)
      devise (>= 3.4.1)
      net-ldap (>= 0.16.0)
    diff-lcs (1.2.5)
    dropbox-sdk (1.6.5)
      json
    ebnf (1.0.0)
      rdf (~> 1.1)
      sxp (~> 0.1, >= 0.1.3)
    equivalent-xml (0.6.0)
      nokogiri (>= 1.4.3)
    erubis (2.7.0)
    escape (0.0.4)
    eventmachine (1.2.0.1)
    execjs (2.7.0)
    extlib (0.9.16)
    ezid-client (1.8.0)
      hashie (~> 3.4, >= 3.4.3)
      nokogiri
    factory_girl (4.7.0)
      activesupport (>= 3.0.0)
    factory_girl_rails (4.7.0)
      factory_girl (~> 4.7.0)
      railties (>= 3.0.0)
    faraday (0.9.2)
      multipart-post (>= 1.2, < 3)
    ffi (1.9.14)
    flamegraph (0.9.5)
    font-awesome-rails (4.6.3.1)
      railties (>= 3.2, < 5.1)
    globalid (0.4.1)
      activesupport (>= 4.2.0)
    google-api-client (0.8.7)
      activesupport (>= 3.2, < 5.0)
      addressable (~> 2.3)
      autoparse (~> 0.3)
      extlib (~> 0.9)
      faraday (~> 0.9)
      googleauth (~> 0.3)
      launchy (~> 2.4)
      multi_json (~> 1.10)
      retriable (~> 1.4)
      signet (~> 0.6)
    google_drive (1.0.6)
      google-api-client (>= 0.7.0, < 0.9)
      nokogiri (>= 1.4.4, != 1.5.2, != 1.5.1)
      oauth (>= 0.3.6)
      oauth2 (>= 0.5.0)
    googleauth (0.5.1)
      faraday (~> 0.9)
      jwt (~> 1.4)
      logging (~> 2.0)
      memoist (~> 0.12)
      multi_json (~> 1.11)
      os (~> 0.9)
      signet (~> 0.7)
    gyoku (1.3.1)
      builder (>= 2.1.2)
    haml (4.0.7)
      tilt
    hashdiff (0.3.7)
    hashie (3.5.7)
    htmlentities (4.3.4)
    httmultiparty (0.3.16)
      httparty (>= 0.7.3)
      mimemagic
      multipart-post
    http_logger (0.5.1)
    httparty (0.14.0)
      multi_xml (>= 0.5.2)
    httpi (2.4.2)
      rack
      socksify
    hydra-access-controls (9.5.0)
      active-fedora (~> 9.0)
      activesupport (~> 4.0)
      blacklight (~> 5.16)
      cancancan (~> 1.8)
      deprecation (~> 0.2)
      sass-rails
    hydra-batch-edit (1.1.1)
      blacklight
      hydra-collections
    hydra-collections (5.0.3)
      blacklight (~> 5.10)
      deprecation (~> 0.1)
      hydra-head (~> 9.1)
    hydra-core (9.5.0)
      active-fedora (~> 9.1)
      hydra-access-controls (= 9.5.0)
      jettywrapper (>= 2.0.0)
      rails (~> 4.0)
    hydra-derivatives (1.2.1)
      active-fedora (~> 9.0)
      activesupport (~> 4.0)
      deprecation (~> 0.1)
      hydra-file_characterization (~> 0.3)
      mime-types (>= 1)
      mini_magick (>= 3.2, < 5)
    hydra-editor (1.2.0)
      active-fedora (>= 9.0.0)
      cancancan (~> 1.8)
      rails (~> 4.1)
      simple_form (~> 3.1.0)
    hydra-file_characterization (0.3.3)
      activesupport (>= 3.0.0)
    hydra-head (9.5.0)
      hydra-access-controls (= 9.5.0)
      hydra-core (= 9.5.0)
      rails (>= 3.2.6)
    hydra-role-management (0.2.2)
      blacklight
      bootstrap_form
      cancancan
    i18n (0.9.5)
      concurrent-ruby (~> 1.0)
    jbuilder (2.6.0)
      activesupport (>= 3.0.0, < 5.1)
      multi_json (~> 1.2)
    jettywrapper (2.0.3)
      activesupport (>= 3.0.0)
      childprocess
      i18n
      logger
      rubyzip
    jquery-rails (4.1.1)
      rails-dom-testing (>= 1, < 3)
      railties (>= 4.2.0)
      thor (>= 0.14, < 2.0)
    json (1.8.6)
    json-ld (1.99.2)
      multi_json (~> 1.11)
      rdf (~> 1.99)
    json-schema (2.6.2)
      addressable (~> 2.3.8)
    jwt (1.5.4)
    kgio (2.10.0)
    launchy (2.4.3)
      addressable (~> 2.3)
    ldp (0.4.1)
      faraday
      http_logger
      linkeddata (>= 1.1)
      slop
    legato (0.7.0)
      multi_json
    libv8 (3.16.14.19)
    link_header (0.0.8)
    linkeddata (1.99.0)
      equivalent-xml (~> 0.6)
      json-ld (~> 1.99)
      nokogiri (~> 1.6)
      rdf (~> 1.99)
      rdf-aggregate-repo (~> 1.99)
      rdf-isomorphic (~> 1.99)
      rdf-json (~> 1.1, >= 1.1.2)
      rdf-microdata (~> 2.0, >= 2.0.2)
      rdf-n3 (~> 1.99)
      rdf-rdfa (~> 1.99)
      rdf-rdfxml (~> 1.1, >= 1.1.5)
      rdf-reasoner (~> 0.3)
      rdf-tabular (~> 0.3)
      rdf-trig (~> 1.99, >= 1.99.0.1)
      rdf-trix (~> 1.99)
      rdf-turtle (~> 1.99)
      rdf-vocab (~> 0.8, >= 0.8.6)
      rdf-xsd (~> 1.1, >= 1.1.5)
      sparql (~> 1.99)
      sparql-client (~> 1.99)
    little-plugger (1.1.4)
    logger (1.4.2)
    logging (2.1.0)
      little-plugger (~> 1.1)
      multi_json (~> 1.10)
    loofah (2.2.2)
      crass (~> 1.0.2)
      nokogiri (>= 1.5.9)
    mail (2.7.0)
      mini_mime (>= 0.1.1)
    mail_form (1.5.1)
      actionmailer (>= 3.2, < 5)
      activemodel (>= 3.2, < 5)
    mailboxer (0.14.0)
      carrierwave (>= 0.5.8)
      rails (>= 4.2.0)
    memoist (0.14.0)
    memory_profiler (0.9.9)
    method_source (0.8.2)
    mime-types (3.1)
      mime-types-data (~> 3.2015)
    mime-types-data (3.2016.0521)
    mimemagic (0.3.2)
    mini_magick (4.5.1)
    mini_mime (1.0.0)
    mini_portile2 (2.3.0)
    minitest (5.11.3)
    mono_logger (1.1.0)
    multi_json (1.12.1)
    multi_xml (0.5.5)
    multipart-post (2.0.0)
    nest (1.1.2)
      redis
    net-http-persistent (2.9.4)
    net-ldap (0.16.1)
    net-scp (1.2.1)
      net-ssh (>= 2.6.5)
    net-ssh (3.2.0)
    newrelic_rpm (3.16.1.320)
    noid (0.9.0)
    nokogiri (1.8.4)
      mini_portile2 (~> 2.3.0)
    nom-xml (0.5.4)
      activesupport (>= 3.2.18)
      i18n
      nokogiri
    nori (2.6.0)
    oauth (0.5.1)
    oauth2 (0.9.4)
      faraday (>= 0.8, < 0.10)
      jwt (~> 1.0)
      multi_json (~> 1.3)
      multi_xml (~> 0.5)
      rack (~> 1.2)
    om (3.1.1)
      activemodel
      activesupport
      nokogiri (>= 1.4.2)
      solrizer (~> 3.3)
    omniauth (1.8.1)
      hashie (>= 3.4.6, < 3.6.0)
      rack (>= 1.6.2, < 3)
    omniauth-shibboleth (1.2.1)
      omniauth (>= 1.0.0)
    openseadragon (0.3.0)
      rails (> 3.2.0)
    orm_adapter (0.5.0)
    os (0.9.6)
    osullivan (0.0.3)
      activesupport (>= 3.2.18)
      faraday (~> 0.9.0)
      json
    parslet (1.7.1)
      blankslate (>= 2.0, <= 4.0)
    passenger (5.2.3)
      rack
      rake (>= 0.8.1)
    pg (0.18.4)
    phantomjs (2.1.1.0)
    poltergeist (1.10.0)
      capybara (~> 2.1)
      cliver (~> 0.3.1)
      websocket-driver (>= 0.2.0)
    posix-spawn (0.3.11)
    pry (0.10.4)
      coderay (~> 1.1.0)
      method_source (~> 0.8.1)
      slop (~> 3.4)
    pry-byebug (3.4.0)
      byebug (~> 9.0)
      pry (~> 0.10)
    pry-rails (0.3.4)
      pry (>= 0.9.10)
    puma (3.11.2)
    qa (1.2.0)
      activerecord-import
      deprecation
      faraday
      nokogiri (~> 1.6)
      rails (>= 4.2.0, < 6.0)
      rdf
    rack (1.6.10)
    rack-attack (6.0.0)
      rack (>= 1.0, < 3)
    rack-mini-profiler (0.10.7)
      rack (>= 1.2.0)
    rack-protection (1.5.5)
      rack
    rack-test (0.6.3)
      rack (>= 1.0)
    rails (4.2.7)
      actionmailer (= 4.2.7)
      actionpack (= 4.2.7)
      actionview (= 4.2.7)
      activejob (= 4.2.7)
      activemodel (= 4.2.7)
      activerecord (= 4.2.7)
      activesupport (= 4.2.7)
      bundler (>= 1.3.0, < 2.0)
      railties (= 4.2.7)
      sprockets-rails
    rails-deprecated_sanitizer (1.0.3)
      activesupport (>= 4.2.0.alpha)
    rails-dom-testing (1.0.9)
      activesupport (>= 4.2.0, < 5.0)
      nokogiri (~> 1.6)
      rails-deprecated_sanitizer (>= 1.0.1)
    rails-html-sanitizer (1.0.4)
      loofah (~> 2.2, >= 2.2.2)
    rails-observers (0.1.2)
      activemodel (~> 4.0)
    rails_autolink (1.1.6)
      rails (> 3.1)
    railties (4.2.7)
      actionpack (= 4.2.7)
      activesupport (= 4.2.7)
      rake (>= 0.8.7)
      thor (>= 0.18.1, < 2.0)
    raindrops (0.17.0)
    rake (12.3.1)
    rdf (1.99.1)
      link_header (~> 0.0, >= 0.0.8)
    rdf-aggregate-repo (1.99.0)
      rdf (~> 1.99)
    rdf-isomorphic (1.99.0)
      rdf (~> 1.99)
    rdf-json (1.99.0)
      rdf (~> 1.99)
    rdf-microdata (2.0.2)
      htmlentities (~> 4.3)
      nokogiri (~> 1.6)
      rdf (~> 1.1)
      rdf-xsd (~> 1.1)
    rdf-n3 (1.99.0)
      rdf (~> 1.99)
    rdf-rdfa (1.99.1)
      haml (~> 4.0)
      htmlentities (~> 4.3)
      rdf (~> 1.99)
      rdf-aggregate-repo (~> 1.1)
      rdf-xsd (~> 1.1)
    rdf-rdfxml (1.99.0)
      htmlentities (~> 4.3)
      rdf (~> 1.99)
      rdf-rdfa (~> 1.99)
      rdf-xsd (~> 1.99)
    rdf-reasoner (0.3.0)
      rdf (~> 1.1, >= 1.1.4.2)
      rdf-turtle (~> 1.1)
      rdf-vocab (~> 0.8)
      rdf-xsd (~> 1.1)
    rdf-tabular (0.3.0)
      addressable (~> 2.3)
      bcp47 (~> 0.3, >= 0.3.3)
      json-ld (~> 1.1)
      rdf (~> 1.1, >= 1.1.7)
      rdf-vocab (~> 0.8)
      rdf-xsd (~> 1.1)
    rdf-trig (1.99.0.1)
      ebnf (~> 1.0)
      rdf (~> 1.99)
      rdf-turtle (~> 1.99)
    rdf-trix (1.99.0)
      rdf (~> 1.1)
    rdf-turtle (1.99.0)
      ebnf (~> 1.0)
      rdf (~> 1.99)
    rdf-vocab (0.8.8)
      rdf (~> 1.1, >= 1.1.10)
    rdf-xsd (1.99.0)
      rdf (~> 1.99)
    rdoc (4.2.2)
      json (~> 1.4)
    redis (3.3.1)
    redis-namespace (1.5.2)
      redis (~> 3.0, >= 3.0.4)
    redlock (0.1.8)
      redis (~> 3, >= 3.0.0)
    ref (2.0.0)
    responders (2.4.0)
      actionpack (>= 4.2.0, < 5.3)
      railties (>= 4.2.0, < 5.3)
    resque (1.26.0)
      mono_logger (~> 1.0)
      multi_json (~> 1.0)
      redis-namespace (~> 1.3)
      sinatra (>= 0.9.2)
      vegas (~> 0.1.2)
    resque-pool (0.6.0)
      rake
      resque (~> 1.22)
    retriable (1.4.1)
    riiif (0.2.0)
      rails (> 3.2.0)
    rsolr (1.0.13)
      builder (>= 2.1.2)
    rspec-activemodel-mocks (1.0.3)
      activemodel (>= 3.0)
      activesupport (>= 3.0)
      rspec-mocks (>= 2.99, < 4.0)
    rspec-core (3.5.2)
      rspec-support (~> 3.5.0)
    rspec-expectations (3.5.0)
      diff-lcs (>= 1.2.0, < 2.0)
      rspec-support (~> 3.5.0)
    rspec-mocks (3.5.0)
      diff-lcs (>= 1.2.0, < 2.0)
      rspec-support (~> 3.5.0)
    rspec-rails (3.5.1)
      actionpack (>= 3.0)
      activesupport (>= 3.0)
      railties (>= 3.0)
      rspec-core (~> 3.5.0)
      rspec-expectations (~> 3.5.0)
      rspec-mocks (~> 3.5.0)
      rspec-support (~> 3.5.0)
    rspec-support (3.5.0)
    ruby-box (1.15.0)
      addressable
      json
      multipart-post
      oauth2
    ruby-ldap (0.9.20)
    ruby-prof (0.15.9)
    rubyzip (2.2.0)
    safe_yaml (1.0.4)
    sass (3.4.22)
    sass-rails (5.0.6)
      railties (>= 4.0.0, < 6)
      sass (~> 3.1)
      sprockets (>= 2.8, < 4.0)
      sprockets-rails (>= 2.0, < 4.0)
      tilt (>= 1.1, < 3)
    savon (2.11.1)
      akami (~> 1.2)
      builder (>= 2.1.2)
      gyoku (~> 1.2)
      httpi (~> 2.3)
      nokogiri (>= 1.4.0)
      nori (~> 2.4)
      wasabi (~> 3.4)
    sdoc (0.4.1)
      json (~> 1.7, >= 1.7.7)
      rdoc (~> 4.0)
    select2-rails (3.5.10)
      thor (~> 0.14)
    sequel (4.37.0)
    signet (0.7.3)
      addressable (~> 2.3)
      faraday (~> 0.9)
      jwt (~> 1.5)
      multi_json (~> 1.10)
    simple_form (3.1.1)
      actionpack (~> 4.0)
      activemodel (~> 4.0)
    sinatra (1.4.7)
      rack (~> 1.5)
      rack-protection (~> 1.4)
      tilt (>= 1.3, < 3)
    skydrive (1.2.0)
      activesupport
      httmultiparty
      httparty (>= 0.11.0)
      oauth2 (>= 0.9.2)
    slackistrano (3.1.1)
      capistrano (>= 3.5.0)
    slop (3.6.0)
    socksify (1.7.0)
    solrizer (3.4.0)
      activesupport
      daemons
      nokogiri
      stomp
      xml-simple
    sparql (1.99.1)
      builder (~> 3.2)
      ebnf (~> 1.0)
      rdf (~> 1.99)
      rdf-aggregate-repo (~> 1.99)
      rdf-xsd (~> 1.1)
      sparql-client (~> 1.1)
      sxp (~> 0.1)
    sparql-client (1.99.0)
      net-http-persistent (~> 2.9)
      rdf (~> 1.1)
    spring (1.7.2)
    sprockets (3.7.2)
      concurrent-ruby (~> 1.0)
      rack (> 1, < 3)
    sprockets-rails (3.2.1)
      actionpack (>= 4.0)
      activesupport (>= 4.0)
      sprockets (>= 3.0.0)
    sqlite3 (1.3.11)
    stackprof (0.2.11)
    stomp (1.4.1)
    sufia (6.6.1)
      blacklight (~> 5.16)
      blacklight-gallery (~> 0.1)
      blacklight_advanced_search (>= 5.1.4, < 6.0)
      breadcrumbs_on_rails (~> 2.3.0)
      browse-everything (~> 0.4)
      daemons (~> 1.1)
      devise (~> 3.0)
      font-awesome-rails (~> 4.2)
      hydra-batch-edit (~> 1.1)
      hydra-editor (~> 1.0)
      json-schema
      mail_form (~> 1.5)
      oauth
      rails_autolink (~> 1.1)
      railties (>= 4.2.0)
      redlock (~> 0.1.2)
      sass-rails
      select2-rails (~> 3.5.9)
      sufia-models (= 6.6.1)
      tinymce-rails (~> 4.1)
      tinymce-rails-imageupload (~> 4.0.16.beta)
      yaml_db (~> 0.2)
    sufia-models (6.6.1)
      active-fedora (~> 9.4, < 9.8)
      active_fedora-noid (~> 1.0)
      activerecord-import (~> 0.5)
      activeresource (~> 4.0)
      acts_as_follower (>= 0.1.1, < 0.3)
      carrierwave (~> 0.9)
      google-api-client (~> 0.7, < 0.9)
      hydra-collections (>= 5.0.3, < 6.0)
      hydra-derivatives (~> 1.0)
      hydra-head (< 9.6)
      legato (~> 0.3)
      mailboxer (~> 0.12)
      mini_magick
      nest (~> 1.1)
      oauth2 (~> 0.9)
      posix-spawn
      rails (~> 4.0)
      resque (~> 1.23)
      resque-pool (~> 0.3)
    sxp (0.1.5)
    therubyracer (0.12.3)
      libv8 (~> 3.16.14.15)
      ref
    thin (1.7.0)
      daemons (~> 1.0, >= 1.0.9)
      eventmachine (~> 1.0, >= 1.0.4)
      rack (>= 1, < 3)
    thor (0.20.0)
    thread_safe (0.3.6)
    tilt (2.0.5)
    timecop (0.9.1)
    tinymce-rails (4.4.1)
      railties (>= 3.1.1)
    tinymce-rails-imageupload (4.0.17.beta)
      railties (>= 3.2, < 6)
      tinymce-rails (~> 4.0)
    turbolinks (5.0.1)
      turbolinks-source (~> 5)
    turbolinks-source (5.0.0)
    tzinfo (1.2.5)
      thread_safe (~> 0.1)
    uglifier (4.1.10)
      execjs (>= 0.3.0, < 3)
    unicorn (5.1.0)
      kgio (~> 2.6)
      raindrops (~> 0.7)
    vcr (4.0.0)
    vegas (0.1.11)
      rack (>= 1.0.0)
    warden (1.2.7)
      rack (>= 1.0)
    wasabi (3.5.0)
      httpi (~> 2.0)
      nokogiri (>= 1.4.2)
    web-console (3.3.0)
      activemodel (>= 4.2)
      debug_inspector
      railties (>= 4.2)
    webmock (3.4.1)
      addressable (>= 2.3.6)
      crack (>= 0.3.2)
      hashdiff
    websocket-driver (0.6.4)
      websocket-extensions (>= 0.1.0)
    websocket-extensions (0.1.2)
    whenever (0.10.0)
      chronic (>= 0.6.3)
    xml-simple (1.1.5)
    xpath (2.0.0)
      nokogiri (~> 1.3)
    yaml_db (0.4.0)
      rails (>= 3.0, < 5.1)
      rake (>= 0.8.7)

PLATFORMS
  ruby

DEPENDENCIES
  better_errors
  binding_of_caller
  browser
  byebug
  capistrano
  capistrano-bundler
  capistrano-rails
  capistrano-rvm
  capybara
  coffee-rails
  database_cleaner
  devise
  devise-guests
  devise_ldap_authenticatable
  escape
  ezid-client
  factory_girl_rails
  flamegraph
  http_logger
  hydra-role-management
  jbuilder
  jettywrapper
  jquery-rails
  kaminari!
  memory_profiler
  newrelic_rpm
  nokogiri (~> 1.8.1)
  omniauth-shibboleth
  openseadragon
  osullivan
  passenger (= 5.2.3)
  pg
  phantomjs
  poltergeist
  pry
  pry-byebug
  pry-rails
  puma
  qa
  rack-attack
  rack-mini-profiler
  rails (= 4.2.7)
  rdf-vocab
  riiif (= 0.2.0)
  rspec-activemodel-mocks
  rspec-rails
  ruby-ldap
  ruby-prof
  sass-rails
  savon (~> 2.11.0)
  sdoc
  sequel
  slackistrano
  spring
  sqlite3
  sshkit!
  stackprof
  sufia (= 6.6.1)
  therubyracer
  thin
  timecop
  turbolinks
  uglifier
  unicorn
  vcr
  web-console
  webmock
  whenever

BUNDLED WITH
   1.16.2
